GEM
  remote: https://rubygems.org/
  specs:
    coderay (1.1.2)
    faraday (0.17.0)
      multipart-post (>= 1.2, < 3)
    jwt (2.2.1)
    method_source (0.9.2)
    multipart-post (2.1.1)
    pry (0.12.2)
      coderay (~> 1.1.0)
      method_source (~> 0.9.0)

PLATFORMS
  ruby

DEPENDENCIES
  faraday
  jwt
  pry

BUNDLED WITH
   1.17.2
